PATH
  remote: .
  specs:
    CLIproject (1.0.0)

GEM
  remote: https://rubygems.org/
  specs:
    rake (12.3.3)

PLATFORMS
  ruby

DEPENDENCIES
  CLIproject!
  bundler (~> 1.17)
  rake (~> 12.0)

BUNDLED WITH
   1.17.2
