PATH
  remote: .
  specs:
    CLIproject (1.0.0)

GEM
  remote: https://rubygems.org/
  specs:
    coderay (1.1.2)
    httparty (0.21.0)
      mini_mime (>= 1.0.0)
      multi_xml (>= 0.5.2)
    method_source (0.9.2)
    mini_mime (1.1.2)
    multi_xml (0.6.0)
    pry (0.12.2)
      coderay (~> 1.1.0)
      method_source (~> 0.9.0)
    rake (12.3.3)

PLATFORMS
  ruby

DEPENDENCIES
  CLIproject!
  httparty
  pry
  rake (~> 12.0)

BUNDLED WITH
   1.17.2
